PATH
  remote: /home/arne/github/hexp
  specs:
    hexp (0.2.0)
      equalizer (~> 0.0)
      ice_nine (~> 0.8)
      nokogiri (~> 1.6)
      sass (~> 3.2)

GEM
  remote: https://rubygems.org/
  specs:
    adamantium (0.0.11)
      ice_nine (~> 0.8.0)
    backports (3.3.3)
    diff-lcs (1.2.4)
    equalizer (0.0.5)
      adamantium (~> 0.0.6)
      backports (~> 3.0, >= 3.0.3)
    ice_nine (0.8.0)
    mini_portile (0.5.1)
    nokogiri (1.6.0)
      mini_portile (~> 0.5.0)
    rspec (2.14.1)
      rspec-core (~> 2.14.0)
      rspec-expectations (~> 2.14.0)
      rspec-mocks (~> 2.14.0)
    rspec-core (2.14.5)
    rspec-expectations (2.14.2)
      diff-lcs (>= 1.1.3, < 2.0)
    rspec-mocks (2.14.3)
    sass (3.2.10)

PLATFORMS
  ruby

DEPENDENCIES
  hexp!
  rspec
