PATH
  remote: .
  specs:
    hexp_ui (0.0.1)
      aspector
      hexp (>= 0.2.0)

GEM
  remote: https://rubygems.org/
  specs:
    aspector (0.13.1)
    diff-lcs (1.2.4)
    equalizer (0.0.7)
    hexp (0.2.0)
      equalizer (~> 0.0)
      ice_nine (~> 0.8)
      nokogiri (~> 1.6)
      sass (~> 3.2)
    ice_nine (0.9.0)
    mini_portile (0.5.1)
    nokogiri (1.6.0)
      mini_portile (~> 0.5.0)
    rspec (2.14.1)
      rspec-core (~> 2.14.0)
      rspec-expectations (~> 2.14.0)
      rspec-mocks (~> 2.14.0)
    rspec-core (2.14.5)
    rspec-expectations (2.14.2)
      diff-lcs (>= 1.1.3, < 2.0)
    rspec-mocks (2.14.3)
    sass (3.2.10)

PLATFORMS
  ruby

DEPENDENCIES
  hexp_ui!
  rspec (~> 2.14.1)
